PATH
  remote: .
  specs:
    singed (0.0.1)
      colorize (~> 0.8.1)
      stackprof

GEM
  remote: https://rubygems.org/
  specs:
    colorize (0.8.1)
    rake (13.0.6)
    stackprof (0.2.17)

PLATFORMS
  ruby

DEPENDENCIES
  rake (~> 13.0)
  singed!

BUNDLED WITH
   2.2.30
